GEM
  remote: http://rubygems.org/
  specs:
    angus (0.0.14)
      angus-router (~> 0.0, >= 0.0.3)
      angus-sdoc (~> 0.0, >= 0.0.7)
      thor
    angus-router (0.0.3)
      rack (~> 1.5)
    angus-sdoc (0.0.7)
    rack (1.6.11)
    rake (12.3.3)
    thor (0.20.3)

PLATFORMS
  ruby

DEPENDENCIES
  angus (= 0.0.14)
  rake

BUNDLED WITH
   2.0.2
